GEM
  remote: https://rubygems.org/
  specs:
    gviz (0.3.5)
      thor
    json (1.8.6)
    os (1.0.0)
    rdoc (5.1.0)
    rubytree (0.9.7)
      json (~> 1.8)
      structured_warnings (~> 0.2)
    structured_warnings (0.3.0)
    thor (0.19.4)

PLATFORMS
  x64-mingw32

DEPENDENCIES
  gviz
  os
  rdoc
  rubytree

BUNDLED WITH
   1.14.6
